GEM
  remote: https://rubygems.org/
  specs:
    bencodr (3.0.2)
    thor (0.16.0)

PLATFORMS
  ruby

DEPENDENCIES
  bencodr
  thor
